PATH
  remote: .
  specs:
    nvar (0.1.0)
      activesupport (>= 5.0.0, < 8.0)

GEM
  remote: https://rubygems.org/
  specs:
    activesupport (6.1.4.1)
      concurrent-ruby (~> 1.0, >= 1.0.2)
      i18n (>= 1.6, < 2)
      minitest (>= 5.1)
      tzinfo (~> 2.0)
      zeitwerk (~> 2.3)
    byebug (11.1.3)
    climate_control (1.0.1)
    concurrent-ruby (1.1.9)
    diff-lcs (1.4.4)
    docile (1.4.0)
    i18n (1.8.11)
      concurrent-ruby (~> 1.0)
    minitest (5.14.4)
    rake (12.3.3)
    rspec (3.10.0)
      rspec-core (~> 3.10.0)
      rspec-expectations (~> 3.10.0)
      rspec-mocks (~> 3.10.0)
    rspec-core (3.10.1)
      rspec-support (~> 3.10.0)
    rspec-expectations (3.10.1)
      diff-lcs (>= 1.2.0, < 2.0)
      rspec-support (~> 3.10.0)
    rspec-mocks (3.10.2)
      diff-lcs (>= 1.2.0, < 2.0)
      rspec-support (~> 3.10.0)
    rspec-support (3.10.3)
    simplecov (0.21.2)
      docile (~> 1.1)
      simplecov-html (~> 0.11)
      simplecov_json_formatter (~> 0.1)
    simplecov-html (0.12.3)
    simplecov_json_formatter (0.1.3)
    tzinfo (2.0.4)
      concurrent-ruby (~> 1.0)
    vcr (6.0.0)
    zeitwerk (2.5.1)

PLATFORMS
  ruby

DEPENDENCIES
  byebug
  climate_control
  nvar!
  rake (~> 12.0)
  rspec (~> 3.0)
  simplecov
  vcr

BUNDLED WITH
   2.1.4
